PATH
  remote: .
  specs:
    pact-messages (0.1.3)
      pact (~> 1.9)

GEM
  remote: https://rubygems.org/
  specs:
    ast (2.4.0)
    awesome_print (1.8.0)
    bundler-audit (0.6.0)
      bundler (~> 1.2)
      thor (~> 0.18)
    coderay (1.1.2)
    diff-lcs (1.3)
    find_a_port (1.0.1)
    json (2.1.0)
    method_source (0.9.0)
    pact (1.20.1)
      json (> 1.8.5)
      pact-mock_service (~> 2.0)
      pact-support (~> 1.2, >= 1.2.4)
      rack-test (~> 0.6, >= 0.6.3)
      randexp (~> 0.1.7)
      rspec (>= 2.14)
      term-ansicolor (~> 1.0)
      thor
      webrick
    pact-mock_service (2.1.0)
      find_a_port (~> 1.0.1)
      json
      pact-support (~> 1.0)
      rack
      rack-test (~> 0.6.2)
      rspec (>= 2.14)
      term-ansicolor (~> 1.0)
      thor
      webrick
    pact-support (1.2.4)
      awesome_print (~> 1.1)
      find_a_port (~> 1.0.1)
      json
      randexp (~> 0.1.7)
      rspec (>= 2.14)
      term-ansicolor (~> 1.0)
      thor
    parallel (1.12.1)
    parser (2.4.0.2)
      ast (~> 2.3)
    powerpack (0.1.1)
    pry (0.11.3)
      coderay (~> 1.1.0)
      method_source (~> 0.9.0)
    rack (1.6.8)
    rack-test (0.6.3)
      rack (>= 1.0)
    rainbow (2.2.2)
      rake
    rake (10.5.0)
    randexp (0.1.7)
    reevoocop (0.0.12)
      rubocop (= 0.49.1)
    rspec (3.7.0)
      rspec-core (~> 3.7.0)
      rspec-expectations (~> 3.7.0)
      rspec-mocks (~> 3.7.0)
    rspec-core (3.7.1)
      rspec-support (~> 3.7.0)
    rspec-expectations (3.7.0)
      diff-lcs (>= 1.2.0, < 2.0)
      rspec-support (~> 3.7.0)
    rspec-mocks (3.7.0)
      diff-lcs (>= 1.2.0, < 2.0)
      rspec-support (~> 3.7.0)
    rspec-support (3.7.1)
    rspec_junit_formatter (0.3.0)
      rspec-core (>= 2, < 4, != 2.12.0)
    rubocop (0.49.1)
      parallel (~> 1.10)
      parser (>= 2.3.3.1, < 3.0)
      powerpack (~> 0.1)
      rainbow (>= 1.99.1, < 3.0)
      ruby-progressbar (~> 1.7)
      unicode-display_width (~> 1.0, >= 1.0.1)
    ruby-progressbar (1.9.0)
    ruby_audit (1.2.0)
      bundler-audit (~> 0.6.0)
    term-ansicolor (1.6.0)
      tins (~> 1.0)
    thor (0.20.0)
    tins (1.16.3)
    unicode-display_width (1.3.0)
    webrick (1.4.2)

PLATFORMS
  ruby

DEPENDENCIES
  bundler (~> 1.2)
  pact-messages!
  pry (~> 0.10)
  rack (~> 1.6)
  rake (~> 10.0)
  reevoocop (~> 0.0.12)
  rspec (~> 3.3)
  rspec_junit_formatter
  ruby_audit (~> 1.2)

BUNDLED WITH
   1.16.1
