PATH
  remote: ../../
  specs:
    pact-messages (0.1.2)
      pact (~> 1.9)

GEM
  remote: https://rubygems.org/
  specs:
    awesome_print (1.7.0)
    coderay (1.0.9)
    diff-lcs (1.2.4)
    find_a_port (1.0.1)
    json (2.0.3)
    method_source (0.8.2)
    pact (1.10.0)
      json
      pact-mock_service (~> 0.11)
      pact-support (~> 0.6)
      rack-test (~> 0.6.2)
      randexp (~> 0.1.7)
      rspec (>= 2.14)
      term-ansicolor (~> 1.0)
      thor
      webrick
    pact-mock_service (0.12.1)
      find_a_port (~> 1.0.1)
      json
      pact-support (~> 0.5)
      rack
      rack-test (~> 0.6.2)
      rspec (>= 2.14)
      term-ansicolor (~> 1.0)
      thor
      webrick
    pact-support (0.6.0)
      awesome_print (~> 1.1)
      find_a_port (~> 1.0.1)
      json
      rack-test (~> 0.6.2)
      randexp (~> 0.1.7)
      rspec (>= 2.14)
      term-ansicolor (~> 1.0)
      thor
    pry (0.9.12.2)
      coderay (~> 1.0.5)
      method_source (~> 0.8)
      slop (~> 3.4)
    rack (1.6.4)
    rack-test (0.6.3)
      rack (>= 1.0)
    rake (10.1.0)
    randexp (0.1.7)
    rspec (2.14.1)
      rspec-core (~> 2.14.0)
      rspec-expectations (~> 2.14.0)
      rspec-mocks (~> 2.14.0)
    rspec-core (2.14.5)
    rspec-expectations (2.14.2)
      diff-lcs (>= 1.1.3, < 2.0)
    rspec-mocks (2.14.3)
    slop (3.4.6)
    term-ansicolor (1.4.0)
      tins (~> 1.0)
    thor (0.19.4)
    tins (1.13.2)
    webrick (1.3.1)

PLATFORMS
  ruby

DEPENDENCIES
  pact-messages!
  pry
  rack (~> 1.6)
  rake
  rspec

BUNDLED WITH
   1.11.2
